PATH
  remote: .
  specs:
    tn_s3_file_uploader (0.1.12)
      aws-sdk (~> 1.35)
      honeybadger (~> 1.15)

GEM
  remote: http://rubygems.org/
  specs:
    aws-sdk (1.51.0)
      json (~> 1.4)
      nokogiri (>= 1.4.4)
    builder (3.2.2)
    cucumber (1.3.16)
      builder (>= 2.1.2)
      diff-lcs (>= 1.1.3)
      gherkin (~> 2.12)
      multi_json (>= 1.7.5, < 2.0)
      multi_test (>= 0.1.1)
    diff-lcs (1.2.5)
    fakes3 (0.1.5.2)
      builder
      thor
    gherkin (2.12.2)
      multi_json (~> 1.3)
    honeybadger (1.16.3)
      json
    json (1.8.1)
    multi_json (1.10.1)
    multi_test (0.1.1)
    nokogiri (1.5.11)
    rake (10.1.1)
    rspec (3.0.0)
      rspec-core (~> 3.0.0)
      rspec-expectations (~> 3.0.0)
      rspec-mocks (~> 3.0.0)
    rspec-core (3.0.3)
      rspec-support (~> 3.0.0)
    rspec-expectations (3.0.3)
      diff-lcs (>= 1.2.0, < 2.0)
      rspec-support (~> 3.0.0)
    rspec-mocks (3.0.3)
      rspec-support (~> 3.0.0)
    rspec-support (3.0.3)
    thor (0.19.1)
    timecop (0.6.1)

PLATFORMS
  ruby

DEPENDENCIES
  cucumber
  fakes3 (= 0.1.5.2)
  rake
  rspec
  rspec-expectations
  timecop
  tn_s3_file_uploader!

BUNDLED WITH
   1.12.4
